GEM
  remote: https://rubygems.org/
  specs:
    ruby-prolog (1.0.1)
    rubylog (2.1.0)
    wongi-engine (0.0.10)

PLATFORMS
  ruby

DEPENDENCIES
  ruby-prolog
  rubylog (~> 2.1)
  wongi-engine
